GEM
  remote: https://rubygems.org/
  specs:
    actionpack (3.2.22.1)
      activemodel (= 3.2.22.1)
      activesupport (= 3.2.22.1)
      builder (~> 3.0.0)
      erubis (~> 2.7.0)
      journey (~> 1.0.4)
      rack (~> 1.4.5)
      rack-cache (~> 1.2)
      rack-test (~> 0.6.1)
      sprockets (~> 2.2.1)
    activemodel (3.2.22.1)
      activesupport (= 3.2.22.1)
      builder (~> 3.0.0)
    activerecord (3.2.22.1)
      activemodel (= 3.2.22.1)
      activesupport (= 3.2.22.1)
      arel (~> 3.0.2)
      tzinfo (~> 0.3.29)
    activesupport (3.2.22.1)
      i18n (~> 0.6, >= 0.6.4)
      multi_json (~> 1.0)
    arel (3.0.3)
    awesome_print (1.6.1)
    builder (3.0.4)
    erubis (2.7.0)
    framework (0.0.8)
      actionpack (~> 3.2, >= 3.2.16)
      activerecord (~> 3.2, >= 3.2.16)
      activesupport (~> 3.2, >= 3.2.16)
      awesome_print (~> 1.2, >= 1.2.0)
      rake (~> 10.3, >= 10.3.2)
      thor (~> 0.19, >= 0.19.1)
    hike (1.2.3)
    i18n (0.7.0)
    journey (1.0.4)
    multi_json (1.11.2)
    pg (0.18.4)
    rack (1.4.7)
    rack-cache (1.6.1)
      rack (>= 0.4)
    rack-test (0.6.3)
      rack (>= 1.0)
    rake (10.5.0)
    sprockets (2.2.3)
      hike (~> 1.2)
      multi_json (~> 1.0)
      rack (~> 1.0)
      tilt (~> 1.1, != 1.3.0)
    thor (0.19.1)
    tilt (1.4.1)
    tzinfo (0.3.46)

PLATFORMS
  ruby

DEPENDENCIES
  framework (= 0.0.8)
  pg

BUNDLED WITH
   1.11.2
